GEM
  remote: https://rubygems.org/
  specs:
    rack (~> 1.5.4)

PLATFORMS
  x86-mingw32

DEPENDENCIES
  rack
